{
	"Modality": "MR",
	"MagneticFieldStrength": 3,
	"ImagingFrequency": 123.26,
	"Manufacturer": "Siemens",
	"ManufacturersModelName": "Prisma",
	"InstitutionName": "Tel-Aviv_University",
	"InstitutionalDepartmentName": "Department",
	"InstitutionAddress": "Street_StreetNo_._District_IL_ZIP",
	"DeviceSerialNumber": "66024",
	"StationName": "AWP66024",
	"BodyPartExamined": "BRAIN",
	"PatientPosition": "HFS",
	"ProcedureStepDescription": "TS_lab_Nadav",
	"SoftwareVersions": "syngo_MR_E11",
	"MRAcquisitionType": "2D",
	"SeriesDescription": "cmrr_mbep2d_165vol_S4_TR1.2",
	"ProtocolName": "cmrr_mbep2d_165vol_S4_TR1.2",
	"ScanningSequence": "EP",
	"SequenceVariant": "SK_SS",
	"ScanOptions": "FS",
	"SequenceName": "epfid2d1_112",
	"ImageType": ["ORIGINAL", "PRIMARY", "M", "MB", "ND", "MOSAIC"],
	"SeriesNumber": 20,
	"AcquisitionTime": "11:52:57.420000",
	"AcquisitionNumber": 1,
	"ImageComments": "Unaliased_MB4_PE4_LB",
	"SliceThickness": 2,
	"SpacingBetweenSlices": 2,
	"SAR": 0.116556,
	"EchoTime": 0.03,
	"RepetitionTime": 1.2,
	"FlipAngle": 72,
	"PartialFourier": 1,
	"BaseResolution": 112,
	"ShimSetting": [
		1874,
		-9585,
		2771,
		532,
		-33,
		-117,
		-32,
		52	],
	"TxRefAmp": 222.458,
	"PhaseResolution": 1,
	"ReceiveCoilName": "HeadNeck_64",
	"ReceiveCoilActiveElements": "HC1-7;NC1",
	"PulseSequenceDetails": "%CustomerSeq%_cmrr_mbep2d_bold",
	"WipMemBlock": "b5116e5a-e60c-482a-a348-b60a8e31aa55||Sequence: R016 ve11c/master r/8780670; Nov 27 2017 15:05:12 by eja",
	"ConsistencyInfo": "N4_VE11C_LATEST_20160120",
	"MultibandAccelerationFactor": 4,
	"PercentPhaseFOV": 100,
	"EchoTrainLength": 55,
	"PhaseEncodingSteps": 111,
	"AcquisitionMatrixPE": 112,
	"ReconMatrixPE": 112,
	"BandwidthPerPixelPhaseEncode": 32.468,
	"ParallelReductionFactorInPlane": 2,
	"EffectiveEchoSpacing": 0.000274996,
	"DerivedVendorReportedEchoSpacing": 0.000549992,
	"TotalReadoutTime": 0.0305246,
	"PixelBandwidth": 2230,
	"DwellTime": 2e-06,
	"PhaseEncodingDirection": "j-",
	"SliceTiming": [
		0,
		0.6225,
		0.0625,
		0.685,
		0.125,
		0.7475,
		0.1875,
		0.8075,
		0.25,
		0.87,
		0.3125,
		0.9325,
		0.3725,
		0.995,
		0.435,
		1.0575,
		0.4975,
		1.12,
		0.56,
		0,
		0.6225,
		0.0625,
		0.685,
		0.125,
		0.7475,
		0.1875,
		0.8075,
		0.25,
		0.87,
		0.3125,
		0.9325,
		0.3725,
		0.995,
		0.435,
		1.0575,
		0.4975,
		1.12,
		0.56,
		0,
		0.6225,
		0.0625,
		0.685,
		0.125,
		0.7475,
		0.1875,
		0.8075,
		0.25,
		0.87,
		0.3125,
		0.9325,
		0.3725,
		0.995,
		0.435,
		1.0575,
		0.4975,
		1.12,
		0.56,
		0,
		0.6225,
		0.0625,
		0.685,
		0.125,
		0.7475,
		0.1875,
		0.8075,
		0.25,
		0.87,
		0.3125,
		0.9325,
		0.3725,
		0.995,
		0.435,
		1.0575,
		0.4975,
		1.12,
		0.56	],
	"ImageOrientationPatientDICOM": [
		0.999966,
		0.00483358,
		0.00673247,
		-0.00209438,
		0.933331,
		-0.35901	],
	"InPlanePhaseEncodingDirectionDICOM": "COL",
	"ConversionSoftware": "dcm2niix",
	"ConversionSoftwareVersion": "v1.0.20181125  (JP2:OpenJPEG) (JP-LS:CharLS) Clang8.1.0"
}
