{
	"Modality": "MR",
	"MagneticFieldStrength": 3,
	"ImagingFrequency": 123.26,
	"Manufacturer": "Siemens",
	"ManufacturersModelName": "Prisma",
	"InstitutionName": "Tel-Aviv_University",
	"InstitutionalDepartmentName": "Department",
	"InstitutionAddress": "Street_StreetNo_._District_IL_ZIP",
	"DeviceSerialNumber": "66024",
	"StationName": "AWP66024",
	"BodyPartExamined": "BRAIN",
	"PatientPosition": "HFS",
	"ProcedureStepDescription": "TS_lab_Nadav",
	"SoftwareVersions": "syngo_MR_E11",
	"MRAcquisitionType": "2D",
	"SeriesDescription": "cmrr_mbep2d_365vol_S4_TR1.2",
	"ProtocolName": "cmrr_mbep2d_365vol_S4_TR1.2",
	"ScanningSequence": "EP",
	"SequenceVariant": "SK_SS",
	"ScanOptions": "FS",
	"SequenceName": "epfid2d1_112",
	"ImageType": ["ORIGINAL", "PRIMARY", "M", "MB", "ND", "MOSAIC"],
	"SeriesNumber": 3,
	"AcquisitionTime": "11:56:17.132500",
	"AcquisitionNumber": 1,
	"ImageComments": "Unaliased_MB4_PE4_LB",
	"SliceThickness": 2,
	"SpacingBetweenSlices": 2,
	"SAR": 0.116246,
	"EchoTime": 0.03,
	"RepetitionTime": 1.2,
	"FlipAngle": 72,
	"PartialFourier": 1,
	"BaseResolution": 112,
	"ShimSetting": [
		1883,
		-9454,
		2792,
		321,
		-29,
		395,
		363,
		-16	],
	"TxRefAmp": 264.157,
	"PhaseResolution": 1,
	"ReceiveCoilName": "HeadNeck_64",
	"ReceiveCoilActiveElements": "HC1-7;NC1",
	"PulseSequenceDetails": "%CustomerSeq%_cmrr_mbep2d_bold",
	"WipMemBlock": "1f948af1-00a7-4dbe-8357-b9bb07aec712||Sequence: R016 ve11c/master r/e634e98; Dec 19 2017 11:00:25 by eja",
	"RefLinesPE": 24,
	"ConsistencyInfo": "N4_VE11C_LATEST_20160120",
	"MultibandAccelerationFactor": 4,
	"PercentPhaseFOV": 100,
	"EchoTrainLength": 55,
	"PhaseEncodingSteps": 111,
	"AcquisitionMatrixPE": 112,
	"ReconMatrixPE": 112,
	"BandwidthPerPixelPhaseEncode": 32.468,
	"ParallelReductionFactorInPlane": 2,
	"EffectiveEchoSpacing": 0.000274996,
	"DerivedVendorReportedEchoSpacing": 0.000549992,
	"TotalReadoutTime": 0.0305246,
	"PixelBandwidth": 2230,
	"DwellTime": 2e-06,
	"PhaseEncodingDirection": "j-",
	"SliceTiming": [
		0,
		0.62,
		0.0625,
		0.6825,
		0.1225,
		0.745,
		0.185,
		0.8075,
		0.2475,
		0.8675,
		0.31,
		0.93,
		0.3725,
		0.9925,
		0.435,
		1.055,
		0.495,
		1.1175,
		0.5575,
		0,
		0.62,
		0.0625,
		0.6825,
		0.1225,
		0.745,
		0.185,
		0.8075,
		0.2475,
		0.8675,
		0.31,
		0.93,
		0.3725,
		0.9925,
		0.435,
		1.055,
		0.495,
		1.1175,
		0.5575,
		0,
		0.62,
		0.0625,
		0.6825,
		0.1225,
		0.745,
		0.185,
		0.8075,
		0.2475,
		0.8675,
		0.31,
		0.93,
		0.3725,
		0.9925,
		0.435,
		1.055,
		0.495,
		1.1175,
		0.5575,
		0,
		0.62,
		0.0625,
		0.6825,
		0.1225,
		0.745,
		0.185,
		0.8075,
		0.2475,
		0.8675,
		0.31,
		0.93,
		0.3725,
		0.9925,
		0.435,
		1.055,
		0.495,
		1.1175,
		0.5575	],
	"ImageOrientationPatientDICOM": [
		0.999973,
		0.00577466,
		0.00444719,
		-0.00209434,
		0.812073,
		-0.583552	],
	"InPlanePhaseEncodingDirectionDICOM": "COL",
	"ConversionSoftware": "dcm2niix",
	"ConversionSoftwareVersion": "v1.0.20190902"
}
