{
	"Modality": "MR",
	"MagneticFieldStrength": 3,
	"ImagingFrequency": 123.26,
	"Manufacturer": "Siemens",
	"ManufacturersModelName": "Prisma",
	"InstitutionName": "Tel-Aviv_University",
	"InstitutionalDepartmentName": "Department",
	"InstitutionAddress": "Street_StreetNo_._District_IL_ZIP",
	"DeviceSerialNumber": "66024",
	"StationName": "AWP66024",
	"BodyPartExamined": "BRAIN",
	"PatientPosition": "HFS",
	"ProcedureStepDescription": "TS_lab_Nadav",
	"SoftwareVersions": "syngo_MR_E11",
	"MRAcquisitionType": "2D",
	"SeriesDescription": "cmrr_mbep2d_165vol_S4_TR1.2",
	"ProtocolName": "cmrr_mbep2d_165vol_S4_TR1.2",
	"ScanningSequence": "EP",
	"SequenceVariant": "SK_SS",
	"ScanOptions": "FS",
	"SequenceName": "epfid2d1_112",
	"ImageType": ["ORIGINAL", "PRIMARY", "M", "MB", "ND", "MOSAIC"],
	"SeriesNumber": 21,
	"AcquisitionTime": "18:43:11.522500",
	"AcquisitionNumber": 1,
	"ImageComments": "Unaliased_MB4_PE4_LB",
	"SliceThickness": 2,
	"SpacingBetweenSlices": 2,
	"SAR": 0.0965917,
	"EchoTime": 0.03,
	"RepetitionTime": 1.2,
	"FlipAngle": 72,
	"PartialFourier": 1,
	"BaseResolution": 112,
	"ShimSetting": [
		1882,
		-9615,
		2831,
		434,
		-20,
		-378,
		124,
		34	],
	"TxRefAmp": 228.502,
	"PhaseResolution": 1,
	"ReceiveCoilName": "HeadNeck_64",
	"ReceiveCoilActiveElements": "HC1-7;NC1",
	"PulseSequenceDetails": "%CustomerSeq%_cmrr_mbep2d_bold",
	"WipMemBlock": "f1d6e29a-e659-4f38-a76c-94a2967ea828||Sequence: R016 ve11c/master r/e634e98; Dec 19 2017 11:00:25 by eja",
	"RefLinesPE": 24,
	"ConsistencyInfo": "N4_VE11C_LATEST_20160120",
	"MultibandAccelerationFactor": 4,
	"PercentPhaseFOV": 100,
	"EchoTrainLength": 55,
	"PhaseEncodingSteps": 111,
	"AcquisitionMatrixPE": 112,
	"ReconMatrixPE": 112,
	"BandwidthPerPixelPhaseEncode": 32.468,
	"ParallelReductionFactorInPlane": 2,
	"EffectiveEchoSpacing": 0.000274996,
	"DerivedVendorReportedEchoSpacing": 0.000549992,
	"TotalReadoutTime": 0.0305246,
	"PixelBandwidth": 2230,
	"DwellTime": 2e-06,
	"PhaseEncodingDirection": "j-",
	"SliceTiming": [
		0,
		0.62,
		0.0625,
		0.6825,
		0.125,
		0.745,
		0.1875,
		0.8075,
		0.2475,
		0.87,
		0.31,
		0.9325,
		0.3725,
		0.9925,
		0.435,
		1.055,
		0.4975,
		1.1175,
		0.56,
		0,
		0.62,
		0.0625,
		0.6825,
		0.125,
		0.745,
		0.1875,
		0.8075,
		0.2475,
		0.87,
		0.31,
		0.9325,
		0.3725,
		0.9925,
		0.435,
		1.055,
		0.4975,
		1.1175,
		0.56,
		0,
		0.62,
		0.0625,
		0.6825,
		0.125,
		0.745,
		0.1875,
		0.8075,
		0.2475,
		0.87,
		0.31,
		0.9325,
		0.3725,
		0.9925,
		0.435,
		1.055,
		0.4975,
		1.1175,
		0.56,
		0,
		0.62,
		0.0625,
		0.6825,
		0.125,
		0.745,
		0.1875,
		0.8075,
		0.2475,
		0.87,
		0.31,
		0.9325,
		0.3725,
		0.9925,
		0.435,
		1.055,
		0.4975,
		1.1175,
		0.56	],
	"ImageOrientationPatientDICOM": [
		0.999192,
		-0.0224211,
		-0.0333502,
		-0.00209269,
		0.799733,
		-0.600352	],
	"InPlanePhaseEncodingDirectionDICOM": "COL",
	"ConversionSoftware": "dcm2niix",
	"ConversionSoftwareVersion": "v1.0.20190902"
}
