{
	"Modality": "MR",
	"MagneticFieldStrength": 3,
	"ImagingFrequency": 123.26,
	"Manufacturer": "Siemens",
	"ManufacturersModelName": "Prisma",
	"InstitutionName": "Tel-Aviv_University",
	"InstitutionalDepartmentName": "Department",
	"InstitutionAddress": "Street_StreetNo_._District_IL_ZIP",
	"DeviceSerialNumber": "66024",
	"StationName": "AWP66024",
	"BodyPartExamined": "BRAIN",
	"PatientPosition": "HFS",
	"ProcedureStepDescription": "TS_lab_Nadav",
	"SoftwareVersions": "syngo_MR_E11",
	"MRAcquisitionType": "2D",
	"SeriesDescription": "cmrr_mbep2d_165vol_S4_TR1.2_SBRef",
	"ProtocolName": "cmrr_mbep2d_165vol_S4_TR1.2",
	"ScanningSequence": "EP",
	"SequenceVariant": "SK_SS",
	"ScanOptions": "FS",
	"SequenceName": "epfid2d1_112",
	"ImageType": ["ORIGINAL", "PRIMARY", "M", "ND", "MOSAIC"],
	"SeriesNumber": 16,
	"AcquisitionTime": "15:26:55.380000",
	"AcquisitionNumber": 1,
	"ImageComments": "Single-band_reference",
	"SliceThickness": 2,
	"SpacingBetweenSlices": 2,
	"SAR": 0.100316,
	"EchoTime": 0.03,
	"RepetitionTime": 1.2,
	"FlipAngle": 72,
	"PartialFourier": 1,
	"BaseResolution": 112,
	"ShimSetting": [
		1896,
		-9597,
		2631,
		275,
		0,
		-153,
		97,
		-53	],
	"TxRefAmp": 220.398,
	"PhaseResolution": 1,
	"ReceiveCoilName": "HeadNeck_64",
	"ReceiveCoilActiveElements": "HC1-7;NC1",
	"PulseSequenceDetails": "%CustomerSeq%_cmrr_mbep2d_bold",
	"WipMemBlock": "40a29de6-71cc-4dec-a79e-55dc2fe0c834||Sequence: R016 ve11c/master r/e634e98; Dec 19 2017 11:00:25 by eja",
	"ConsistencyInfo": "N4_VE11C_LATEST_20160120",
	"PercentPhaseFOV": 100,
	"EchoTrainLength": 55,
	"PhaseEncodingSteps": 111,
	"AcquisitionMatrixPE": 112,
	"ReconMatrixPE": 112,
	"BandwidthPerPixelPhaseEncode": 32.468,
	"ParallelReductionFactorInPlane": 2,
	"EffectiveEchoSpacing": 0.000274996,
	"DerivedVendorReportedEchoSpacing": 0.000549992,
	"TotalReadoutTime": 0.0305246,
	"PixelBandwidth": 2230,
	"DwellTime": 2e-06,
	"PhaseEncodingDirection": "j-",
	"SliceTiming": [
		0,
		0.0625,
		0.1225,
		0.185,
		0.2475,
		0.31,
		0.3725,
		0.435,
		0.495,
		0.5575,
		0.62,
		0.6825,
		0.745,
		0.8075,
		0.87,
		0.93,
		0.9925,
		1.055,
		1.1175,
		1.18,
		1.2425,
		1.3025,
		1.365,
		1.4275,
		1.49,
		1.5525,
		1.615,
		1.675,
		1.7375,
		1.8,
		1.8625,
		1.925,
		1.9875,
		2.0475,
		2.11,
		2.1725,
		2.235,
		2.2975,
		2.36,
		2.4225,
		2.4825,
		2.545,
		2.6075,
		2.67,
		2.7325,
		2.795,
		2.855,
		2.9175,
		2.98,
		3.0425,
		3.105,
		3.1675,
		3.2275,
		3.29,
		3.3525,
		3.415,
		3.4775,
		3.54,
		3.6,
		3.6625,
		3.725,
		3.7875,
		3.85,
		3.9125,
		3.975,
		4.035,
		4.0975,
		4.16,
		4.2225,
		4.285,
		4.3475,
		4.4075,
		4.47,
		4.5325,
		4.595,
		4.6575	],
	"ImageOrientationPatientDICOM": [
		0.999699,
		0.0130307,
		0.020773,
		-0.00209377,
		0.889391,
		-0.457142	],
	"InPlanePhaseEncodingDirectionDICOM": "COL",
	"ConversionSoftware": "dcm2niix",
	"ConversionSoftwareVersion": "v1.0.20181125  (JP2:OpenJPEG) (JP-LS:CharLS) Clang8.1.0"
}
