{
	"Modality": "MR",
	"MagneticFieldStrength": 3,
	"ImagingFrequency": 123.26,
	"Manufacturer": "Siemens",
	"ManufacturersModelName": "Prisma",
	"InstitutionName": "Tel-Aviv_University",
	"InstitutionalDepartmentName": "Department",
	"InstitutionAddress": "Street_StreetNo_._District_IL_ZIP",
	"DeviceSerialNumber": "66024",
	"StationName": "AWP66024",
	"BodyPartExamined": "BRAIN",
	"PatientPosition": "HFS",
	"ProcedureStepDescription": "TS_lab_Nadav",
	"SoftwareVersions": "syngo_MR_E11",
	"MRAcquisitionType": "2D",
	"SeriesDescription": "cmrr_mbep2d_365vol_S4_TR1.2",
	"ProtocolName": "cmrr_mbep2d_365vol_S4_TR1.2",
	"ScanningSequence": "EP",
	"SequenceVariant": "SK_SS",
	"ScanOptions": "FS",
	"SequenceName": "epfid2d1_112",
	"ImageType": ["ORIGINAL", "PRIMARY", "M", "MB", "ND", "MOSAIC"],
	"SeriesNumber": 7,
	"AcquisitionTime": "13:59:14.445000",
	"AcquisitionNumber": 1,
	"ImageComments": "Unaliased_MB4_PE4_LB",
	"SliceThickness": 2,
	"SpacingBetweenSlices": 2,
	"SAR": 0.105136,
	"EchoTime": 0.03,
	"RepetitionTime": 1.2,
	"FlipAngle": 72,
	"PartialFourier": 1,
	"BaseResolution": 112,
	"ShimSetting": [
		1863,
		-9587,
		2870,
		440,
		-90,
		37,
		25,
		2	],
	"TxRefAmp": 238.838,
	"PhaseResolution": 1,
	"ReceiveCoilName": "HeadNeck_64",
	"ReceiveCoilActiveElements": "HC1-7;NC1",
	"PulseSequenceDetails": "%CustomerSeq%_cmrr_mbep2d_bold",
	"WipMemBlock": "2715637f-352b-4fc5-9dda-ef7f5cee8d3c||Sequence: R016 ve11c/master r/e634e98; Dec 19 2017 11:00:25 by eja",
	"ConsistencyInfo": "N4_VE11C_LATEST_20160120",
	"MultibandAccelerationFactor": 4,
	"PercentPhaseFOV": 100,
	"EchoTrainLength": 55,
	"PhaseEncodingSteps": 111,
	"AcquisitionMatrixPE": 112,
	"ReconMatrixPE": 112,
	"BandwidthPerPixelPhaseEncode": 32.468,
	"ParallelReductionFactorInPlane": 2,
	"EffectiveEchoSpacing": 0.000274996,
	"DerivedVendorReportedEchoSpacing": 0.000549992,
	"TotalReadoutTime": 0.0305246,
	"PixelBandwidth": 2230,
	"DwellTime": 2e-06,
	"PhaseEncodingDirection": "j-",
	"SliceTiming": [
		0,
		0.62,
		0.0625,
		0.6825,
		0.1225,
		0.745,
		0.185,
		0.8075,
		0.2475,
		0.87,
		0.31,
		0.93,
		0.3725,
		0.9925,
		0.435,
		1.055,
		0.4975,
		1.1175,
		0.5575,
		0,
		0.62,
		0.0625,
		0.6825,
		0.1225,
		0.745,
		0.185,
		0.8075,
		0.2475,
		0.87,
		0.31,
		0.93,
		0.3725,
		0.9925,
		0.435,
		1.055,
		0.4975,
		1.1175,
		0.5575,
		0,
		0.62,
		0.0625,
		0.6825,
		0.1225,
		0.745,
		0.185,
		0.8075,
		0.2475,
		0.87,
		0.31,
		0.93,
		0.3725,
		0.9925,
		0.435,
		1.055,
		0.4975,
		1.1175,
		0.5575,
		0,
		0.62,
		0.0625,
		0.6825,
		0.1225,
		0.745,
		0.185,
		0.8075,
		0.2475,
		0.87,
		0.31,
		0.93,
		0.3725,
		0.9925,
		0.435,
		1.055,
		0.4975,
		1.1175,
		0.5575	],
	"ImageOrientationPatientDICOM": [
		0.999608,
		-0.0159841,
		-0.0229893,
		-0.00209361,
		0.776082,
		-0.630629	],
	"InPlanePhaseEncodingDirectionDICOM": "COL",
	"ConversionSoftware": "dcm2niix",
	"ConversionSoftwareVersion": "v1.0.20181125  (JP2:OpenJPEG) (JP-LS:CharLS) Clang8.1.0"
}
