{
	"Modality": "MR",
	"MagneticFieldStrength": 3,
	"ImagingFrequency": 123.26,
	"Manufacturer": "Siemens",
	"ManufacturersModelName": "Prisma",
	"InstitutionName": "Tel-Aviv_University",
	"InstitutionalDepartmentName": "Department",
	"InstitutionAddress": "Street_StreetNo_._District_IL_ZIP",
	"DeviceSerialNumber": "66024",
	"StationName": "AWP66024",
	"BodyPartExamined": "BRAIN",
	"PatientPosition": "HFS",
	"ProcedureStepDescription": "TS_lab_Nadav",
	"SoftwareVersions": "syngo_MR_E11",
	"MRAcquisitionType": "2D",
	"SeriesDescription": "cmrr_mbep2d_365vol_S4_TR1.2",
	"ProtocolName": "cmrr_mbep2d_365vol_S4_TR1.2",
	"ScanningSequence": "EP",
	"SequenceVariant": "SK_SS",
	"ScanOptions": "FS",
	"SequenceName": "epfid2d1_112",
	"ImageType": ["ORIGINAL", "PRIMARY", "M", "MB", "ND", "MOSAIC"],
	"SeriesNumber": 3,
	"AcquisitionTime": "14:13:52.422500",
	"AcquisitionNumber": 1,
	"ImageComments": "Unaliased_MB4_PE4_LB",
	"SliceThickness": 2,
	"SpacingBetweenSlices": 2,
	"SAR": 0.140271,
	"EchoTime": 0.03,
	"RepetitionTime": 1.2,
	"FlipAngle": 72,
	"PartialFourier": 1,
	"BaseResolution": 112,
	"ShimSetting": [
		1888,
		-9589,
		2851,
		180,
		-109,
		-377,
		132,
		31	],
	"TxRefAmp": 279.527,
	"PhaseResolution": 1,
	"ReceiveCoilName": "HeadNeck_64",
	"ReceiveCoilActiveElements": "HC1-7;NC1",
	"PulseSequenceDetails": "%CustomerSeq%_cmrr_mbep2d_bold",
	"WipMemBlock": "b51a4f49-8f48-4c69-aeba-9228e042bcd9||Sequence: R016 ve11c/master r/e634e98; Dec 19 2017 11:00:25 by eja",
	"ConsistencyInfo": "N4_VE11C_LATEST_20160120",
	"MultibandAccelerationFactor": 4,
	"PercentPhaseFOV": 100,
	"EchoTrainLength": 55,
	"PhaseEncodingSteps": 111,
	"AcquisitionMatrixPE": 112,
	"ReconMatrixPE": 112,
	"BandwidthPerPixelPhaseEncode": 32.468,
	"ParallelReductionFactorInPlane": 2,
	"EffectiveEchoSpacing": 0.000274996,
	"DerivedVendorReportedEchoSpacing": 0.000549992,
	"TotalReadoutTime": 0.0305246,
	"PixelBandwidth": 2230,
	"DwellTime": 2e-06,
	"PhaseEncodingDirection": "j-",
	"SliceTiming": [
		0,
		0.6225,
		0.0625,
		0.685,
		0.125,
		0.745,
		0.1875,
		0.8075,
		0.25,
		0.87,
		0.3125,
		0.9325,
		0.3725,
		0.995,
		0.435,
		1.0575,
		0.4975,
		1.1175,
		0.56,
		0,
		0.6225,
		0.0625,
		0.685,
		0.125,
		0.745,
		0.1875,
		0.8075,
		0.25,
		0.87,
		0.3125,
		0.9325,
		0.3725,
		0.995,
		0.435,
		1.0575,
		0.4975,
		1.1175,
		0.56,
		0,
		0.6225,
		0.0625,
		0.685,
		0.125,
		0.745,
		0.1875,
		0.8075,
		0.25,
		0.87,
		0.3125,
		0.9325,
		0.3725,
		0.995,
		0.435,
		1.0575,
		0.4975,
		1.1175,
		0.56,
		0,
		0.6225,
		0.0625,
		0.685,
		0.125,
		0.745,
		0.1875,
		0.8075,
		0.25,
		0.87,
		0.3125,
		0.9325,
		0.3725,
		0.995,
		0.435,
		1.0575,
		0.4975,
		1.1175,
		0.56	],
	"ImageOrientationPatientDICOM": [
		0.999699,
		0.0171263,
		0.0175501,
		-0.00209383,
		0.772699,
		-0.634769	],
	"InPlanePhaseEncodingDirectionDICOM": "COL",
	"ConversionSoftware": "dcm2niix",
	"ConversionSoftwareVersion": "v1.0.20181125  (JP2:OpenJPEG) (JP-LS:CharLS) Clang8.1.0"
}
