{
	"Modality": "MR",
	"MagneticFieldStrength": 3,
	"ImagingFrequency": 123.26,
	"Manufacturer": "Siemens",
	"ManufacturersModelName": "Prisma",
	"InstitutionName": "Tel-Aviv_University",
	"InstitutionalDepartmentName": "Department",
	"InstitutionAddress": "Street_StreetNo_._District_IL_ZIP",
	"DeviceSerialNumber": "66024",
	"StationName": "AWP66024",
	"BodyPartExamined": "BRAIN",
	"PatientPosition": "HFS",
	"ProcedureStepDescription": "TS_lab_Nadav",
	"SoftwareVersions": "syngo_MR_E11",
	"MRAcquisitionType": "2D",
	"SeriesDescription": "cmrr_mbep2d_165vol_S4_TR1.2_SBRef",
	"ProtocolName": "cmrr_mbep2d_165vol_S4_TR1.2",
	"ScanningSequence": "EP",
	"SequenceVariant": "SK_SS",
	"ScanOptions": "FS",
	"SequenceName": "epfid2d1_112",
	"ImageType": ["ORIGINAL", "PRIMARY", "M", "ND", "MOSAIC"],
	"SeriesNumber": 18,
	"AcquisitionTime": "15:02:15.137500",
	"AcquisitionNumber": 1,
	"ImageComments": "Single-band_reference",
	"SliceThickness": 2,
	"SpacingBetweenSlices": 2,
	"SAR": 0.130177,
	"EchoTime": 0.03,
	"RepetitionTime": 1.2,
	"FlipAngle": 72,
	"PartialFourier": 1,
	"BaseResolution": 112,
	"ShimSetting": [
		1888,
		-9589,
		2851,
		180,
		-109,
		-377,
		132,
		31	],
	"TxRefAmp": 274.329,
	"PhaseResolution": 1,
	"ReceiveCoilName": "HeadNeck_64",
	"ReceiveCoilActiveElements": "HC1-7;NC1",
	"PulseSequenceDetails": "%CustomerSeq%_cmrr_mbep2d_bold",
	"WipMemBlock": "7a07b2df-ca43-4326-9649-758c1e340ac8||Sequence: R016 ve11c/master r/e634e98; Dec 19 2017 11:00:25 by eja",
	"ConsistencyInfo": "N4_VE11C_LATEST_20160120",
	"PercentPhaseFOV": 100,
	"EchoTrainLength": 55,
	"PhaseEncodingSteps": 111,
	"AcquisitionMatrixPE": 112,
	"ReconMatrixPE": 112,
	"BandwidthPerPixelPhaseEncode": 32.468,
	"ParallelReductionFactorInPlane": 2,
	"EffectiveEchoSpacing": 0.000274996,
	"DerivedVendorReportedEchoSpacing": 0.000549992,
	"TotalReadoutTime": 0.0305246,
	"PixelBandwidth": 2230,
	"DwellTime": 2e-06,
	"PhaseEncodingDirection": "j-",
	"SliceTiming": [
		0,
		0.0625,
		0.125,
		0.1875,
		0.25,
		0.31,
		0.3725,
		0.435,
		0.4975,
		0.56,
		0.6225,
		0.6825,
		0.745,
		0.8075,
		0.87,
		0.9325,
		0.995,
		1.055,
		1.1175,
		1.18,
		1.2425,
		1.305,
		1.3675,
		1.43,
		1.49,
		1.5525,
		1.615,
		1.6775,
		1.74,
		1.8025,
		1.8625,
		1.925,
		1.9875,
		2.05,
		2.1125,
		2.175,
		2.235,
		2.2975,
		2.36,
		2.4225,
		2.485,
		2.5475,
		2.6075,
		2.67,
		2.7325,
		2.795,
		2.8575,
		2.92,
		2.9825,
		3.0425,
		3.105,
		3.1675,
		3.23,
		3.2925,
		3.355,
		3.415,
		3.4775,
		3.54,
		3.6025,
		3.665,
		3.7275,
		3.7875,
		3.85,
		3.9125,
		3.975,
		4.0375,
		4.1,
		4.16,
		4.2225,
		4.285,
		4.3475,
		4.41,
		4.4725,
		4.535,
		4.595,
		4.6575	],
	"ImageOrientationPatientDICOM": [
		0.999699,
		0.0171263,
		0.0175501,
		-0.00209383,
		0.772699,
		-0.634769	],
	"InPlanePhaseEncodingDirectionDICOM": "COL",
	"ConversionSoftware": "dcm2niix",
	"ConversionSoftwareVersion": "v1.0.20181125  (JP2:OpenJPEG) (JP-LS:CharLS) Clang8.1.0"
}
